GEM
  remote: https://rubygems.org/
  specs:
    backports (3.6.8)
    cgi (0.1.0)
    date (3.0.0)
    delegate (0.1.0)
    did_you_mean (1.5.0)
    erubis (2.7.0)
    etc (1.1.0)
    fileutils (1.4.1)
    forwardable (1.3.1)
    ipaddr (1.2.2)
    multi_json (1.12.1)
    nio4r (2.5.8)
    openssl (2.1.2)
      ipaddr
    puma (5.4.0)
      nio4r (~> 2.0)
    rack (1.6.4)
    rack-protection (1.5.3)
      rack
    rack-test (0.6.3)
      rack (>= 1.0)
    sinatra (1.4.7)
      rack (~> 1.5)
      rack-protection (~> 1.4)
      tilt (>= 1.3, < 3)
    sinatra-contrib (1.4.7)
      backports (>= 2.0)
      multi_json
      rack-protection
      rack-test
      sinatra (~> 1.4.0)
      tilt (>= 1.3, < 3)
    stringio (0.1.0)
    strscan (1.0.3)
    tilt (2.0.5)
    timeout (0.1.0)
    uri (0.10.0)
    webrick (1.7.0)
    zlib (1.1.0)

PLATFORMS
  ruby

DEPENDENCIES
  cgi (~> 0.1.0)
  date (~> 3.0.0)
  delegate (~> 0.1.0)
  did_you_mean (~> 1.5.0)
  erubis
  etc (~> 1.1.0)
  fileutils (~> 1.4.1)
  forwardable (~> 1.3.1)
  ipaddr (~> 1.2.2)
  openssl (~> 2.1.2)
  puma
  sinatra (~> 1.4.7)
  sinatra-contrib
  stringio (~> 0.1.0)
  strscan (~> 1.0.3)
  timeout (~> 0.1.0)
  uri (~> 0.10.0)
  webrick
  zlib (~> 1.1.0)

RUBY VERSION
   ruby 2.7.2p137

BUNDLED WITH
   1.12.5
